GEM
  remote: https://rubygems.org/
  specs:
    ulid (1.3.0)

PLATFORMS
  arm64-darwin-21

DEPENDENCIES
  ulid

BUNDLED WITH
   2.3.7
